GEM
  remote: https://rubygems.org/
  specs:
    json (1.8.3)
    rethinkdb (2.1.0.1)
      json

PLATFORMS
  ruby

DEPENDENCIES
  rethinkdb

BUNDLED WITH
   1.10.6
